GEM
  remote: https://rubygems.org/
  specs:
    ast (2.3.0)
    backports (3.8.0)
    coderay (1.1.1)
    commander (4.4.3)
      highline (~> 1.7.2)
    dotenv (2.2.1)
    ffi (1.9.18-java)
    git-version-bump (0.15.1)
    highline (1.7.8)
    houston (2.2.4)
      commander (~> 4.4)
      json
    json (2.1.0-java)
    method_source (0.8.2)
    multi_json (1.12.1)
    parallel (1.11.2)
    parser (2.4.0.0)
      ast (~> 2.2)
    powerpack (0.1.1)
    pry (0.10.4-java)
      coderay (~> 1.1.0)
      method_source (~> 0.8.1)
      slop (~> 3.4)
      spoon (~> 0.0)
    puma (3.8.2-java)
    rack (1.6.8)
    rack-contrib (1.4.0)
      git-version-bump (~> 0.15)
      rack (~> 1.4)
    rack-protection (1.5.3)
      rack
    rack-test (0.7.0)
      rack (>= 1.0, < 3)
    rainbow (2.2.2)
      rake
    rake (12.0.0)
    rubocop (0.49.1)
      parallel (~> 1.10)
      parser (>= 2.3.3.1, < 3.0)
      powerpack (~> 0.1)
      rainbow (>= 1.99.1, < 3.0)
      ruby-progressbar (~> 1.7)
      unicode-display_width (~> 1.0, >= 1.0.1)
    ruby-progressbar (1.8.1)
    settingslogic (2.0.9)
    sinatra (1.4.6)
      rack (~> 1.4)
      rack-protection (~> 1.4)
      tilt (>= 1.3, < 3)
    sinatra-contrib (1.4.7)
      backports (>= 2.0)
      multi_json
      rack-protection
      rack-test
      sinatra (~> 1.4.0)
      tilt (>= 1.3, < 3)
    sinatra-param (1.4.0)
      sinatra (~> 1.3)
    slop (3.6.0)
    spoon (0.0.6)
      ffi
    tilt (2.0.7)
    unicode-display_width (1.3.0)

PLATFORMS
  java

DEPENDENCIES
  dotenv
  houston
  pry
  puma (= 3.8.2)
  rack-contrib
  rubocop
  settingslogic
  sinatra
  sinatra-contrib
  sinatra-param

BUNDLED WITH
   1.15.1
